GIT
  remote: git://github.com/le0pard/mongodb_logger.git
  revision: 3028e18d2815582fc23629a2f0f31c4d10730420
  branch: master
  specs:
    mongodb_logger (0.4.1)
      actionpack (>= 3.1.0)
      activesupport (>= 3.1.0)
      erubis (~> 2.7.0)
      json (~> 1.7.0)
      rake (>= 0.9.0)
      sinatra (~> 1.3.0)
      sprockets (>= 2.0.0)
      vegas (~> 0.1.0)

GEM
  remote: https://rubygems.org/
  specs:
    actionmailer (3.2.11)
      actionpack (= 3.2.11)
      mail (~> 2.4.4)
    actionpack (3.2.11)
      activemodel (= 3.2.11)
      activesupport (= 3.2.11)
      builder (~> 3.0.0)
      erubis (~> 2.7.0)
      journey (~> 1.0.4)
      rack (~> 1.4.0)
      rack-cache (~> 1.2)
      rack-test (~> 0.6.1)
      sprockets (~> 2.2.1)
    activemodel (3.2.11)
      activesupport (= 3.2.11)
      builder (~> 3.0.0)
    activerecord (3.2.11)
      activemodel (= 3.2.11)
      activesupport (= 3.2.11)
      arel (~> 3.0.2)
      tzinfo (~> 0.3.29)
    activeresource (3.2.11)
      activemodel (= 3.2.11)
      activesupport (= 3.2.11)
    activesupport (3.2.11)
      i18n (~> 0.6)
      multi_json (~> 1.0)
    addressable (2.3.2)
    annotate (2.5.0)
      rake
    arel (3.0.2)
    aws-sdk (1.8.0)
      httparty (~> 0.7)
      json (~> 1.4)
      nokogiri (>= 1.4.4)
      uuidtools (~> 2.1)
    axlsx (1.3.4)
      htmlentities (~> 4.3.1)
      nokogiri (>= 1.4.1)
      rubyzip (>= 0.9.5)
    backports (2.6.7)
    bcrypt-ruby (3.0.1)
    better_states_select (1.0.0)
      rails (>= 1.2)
    blankslate (3.1.2)
    bootstrap-sass (2.2.2.0)
      sass (~> 3.2)
    bootstrap-will_paginate (0.0.9)
      will_paginate
    bourne (1.1.2)
      mocha (= 0.10.5)
    builder (3.0.4)
    cancan (1.6.8)
    capybara (2.0.2)
      mime-types (>= 1.16)
      nokogiri (>= 1.3.3)
      rack (>= 1.0.0)
      rack-test (>= 0.5.4)
      selenium-webdriver (~> 2.0)
      xpath (~> 1.0.0)
    childprocess (0.3.6)
      ffi (~> 1.0, >= 1.0.6)
    choice (0.1.6)
    client_side_validations (3.2.1)
    client_side_validations-simple_form (2.0.1)
      client_side_validations (~> 3.2.0)
      simple_form (~> 2.0.3)
    cloudfoundry-devise (1.5.2)
      bcrypt-ruby (~> 3.0)
      orm_adapter (~> 0.0.3)
      warden (~> 1.1)
    cloudfoundry-jquery-rails (1.0.19.1)
      railties (~> 3.0)
      thor (~> 0.14)
    cocaine (0.4.2)
    coderay (1.0.8)
    coffee-rails (3.2.2)
      coffee-script (>= 2.2.0)
      railties (~> 3.2.0)
    coffee-script (2.2.0)
      coffee-script-source
      execjs
    coffee-script-source (1.4.0)
    colored (1.2)
    cri (2.3.0)
      colored (>= 1.2)
    daemons (1.1.9)
    database_cleaner (0.9.1)
    descendants_tracker (0.0.1)
    devise (2.0.2)
      bcrypt-ruby (~> 3.0)
      orm_adapter (~> 0.0.3)
      railties (~> 3.1)
      warden (~> 1.1)
    diff-lcs (1.1.3)
    erubis (2.7.0)
    eventmachine (1.0.0)
    execjs (1.4.0)
      multi_json (~> 1.0)
    factory_girl (4.1.0)
      activesupport (>= 3.0.0)
    factory_girl_rails (4.1.0)
      factory_girl (~> 4.1.0)
      railties (>= 3.0.0)
    faker (1.1.2)
      i18n (~> 0.5)
    faraday (0.8.4)
      multipart-post (~> 1.1)
    fastercsv (1.5.5)
    ffi (1.3.1)
    font-awesome-sass-rails (3.0.0.1)
      railties (>= 3.1.1)
      sass-rails (>= 3.1.1)
    grape (0.2.6)
      activesupport
      builder
      hashie (~> 1.2)
      multi_json (>= 1.3.2)
      multi_xml (>= 0.5.2)
      rack
      rack-accept
      rack-mount
      virtus
    grape-rabl (0.1.0)
      grape (~> 0.2.3)
      i18n
      rabl
      tilt
    grape_doc (0.0.2)
      grape (~> 0.2, >= 0.2.1)
      json (~> 1.7, >= 1.7.4)
      trollop (~> 2.0)
    haml (3.1.7)
    haml-rails (0.3.5)
      actionpack (>= 3.1, < 4.1)
      activesupport (>= 3.1, < 4.1)
      haml (~> 3.1)
      railties (>= 3.1, < 4.1)
    hashie (1.2.0)
    hike (1.2.1)
    hpricot (0.8.6)
    htmlentities (4.3.1)
    httparty (0.10.0)
      multi_json (~> 1.0)
      multi_xml
    httpauth (0.2.0)
    i18n (0.6.1)
    journey (1.0.4)
    jquery-rails (2.1.4)
      railties (>= 3.0, < 5.0)
      thor (>= 0.14, < 2.0)
    jquery-ui-rails (3.0.1)
      jquery-rails
      railties (>= 3.1.0)
    json (1.7.6)
    jwt (0.1.5)
      multi_json (>= 1.0)
    kaminari (0.14.1)
      actionpack (>= 3.0.0)
      activesupport (>= 3.0.0)
    kramdown (0.13.8)
    libv8 (3.3.10.4)
    libwebsocket (0.1.7.1)
      addressable
      websocket
    mail (2.4.4)
      i18n (>= 0.4.0)
      mime-types (~> 1.16)
      treetop (~> 1.4.8)
    meta_search (1.1.3)
      actionpack (~> 3.1)
      activerecord (~> 3.1)
      activesupport (~> 3.1)
      polyamorous (~> 0.5.0)
    metaclass (0.0.1)
    mime-types (1.19)
    mobile-fu (1.1.1)
      rack-mobile-detect
      rails
    mocha (0.10.5)
      metaclass (~> 0.0.1)
    moped (1.3.2)
    multi_json (1.5.0)
    multi_xml (0.5.2)
    multipart-post (1.1.5)
    nanoc (3.4.3)
      cri (~> 2.2)
    nested_form (0.3.1)
    newrelic_rpm (3.5.5.38)
    nokogiri (1.5.6)
    oauth (0.4.7)
    oauth-plugin (0.4.1)
      multi_json
      oauth (~> 0.4.4)
      oauth2 (>= 0.5.0)
      rack
    oauth2 (0.8.0)
      faraday (~> 0.8)
      httpauth (~> 0.1)
      jwt (~> 0.1.4)
      multi_json (~> 1.0)
      rack (~> 1.2)
    orm_adapter (0.0.7)
    paperclip (3.4.0)
      activemodel (>= 3.0.0)
      activerecord (>= 3.0.0)
      activesupport (>= 3.0.0)
      cocaine (~> 0.4.0)
      mime-types
    pg (0.14.1)
    polyamorous (0.5.0)
      activerecord (~> 3.0)
    polyglot (0.3.3)
    pygments.rb (0.2.3)
      rubypython (>= 0.5.1)
    rabl (0.7.9)
      activesupport (>= 2.3.14)
      multi_json (~> 1.0)
    rack (1.4.4)
    rack-accept (0.4.5)
      rack (>= 0.4)
    rack-cache (1.2)
      rack (>= 0.4)
    rack-mobile-detect (0.4.0)
      rack
    rack-mount (0.8.3)
      rack (>= 1.0.0)
    rack-pjax (0.7.0)
      nokogiri (~> 1.5)
      rack (~> 1.3)
    rack-protection (1.3.2)
      rack
    rack-ssl (1.3.2)
      rack
    rack-test (0.6.2)
      rack (>= 1.0)
    rails (3.2.11)
      actionmailer (= 3.2.11)
      actionpack (= 3.2.11)
      activerecord (= 3.2.11)
      activeresource (= 3.2.11)
      activesupport (= 3.2.11)
      bundler (~> 1.0)
      railties (= 3.2.11)
    rails-erd (1.0.0)
      activerecord (>= 3.0)
      activesupport (>= 3.0)
      choice (~> 0.1.6)
      ruby-graphviz (~> 1.0.4)
    rails_admin (0.4.1)
      bootstrap-sass (~> 2.1)
      builder (~> 3.0)
      coffee-rails (~> 3.1)
      font-awesome-sass-rails (~> 3.0, >= 3.0.0.1)
      haml (~> 3.1)
      jquery-rails (~> 2.1)
      jquery-ui-rails (~> 3.0)
      kaminari (~> 0.14)
      nested_form (~> 0.2)
      rack-pjax (~> 0.6)
      rails (~> 3.1)
      remotipart (~> 1.0)
      sass-rails (~> 3.1)
    railties (3.2.11)
      actionpack (= 3.2.11)
      activesupport (= 3.2.11)
      rack-ssl (~> 1.3.2)
      rake (>= 0.8.7)
      rdoc (~> 3.4)
      thor (>= 0.14.6, < 2.0)
    rake (10.0.3)
    rdoc (3.12)
      json (~> 1.4)
    remotipart (1.0.2)
    rmagick (2.13.1)
    rspec-core (2.12.2)
    rspec-expectations (2.12.1)
      diff-lcs (~> 1.1.3)
    rspec-mocks (2.12.1)
    rspec-rails (2.12.2)
      actionpack (>= 3.0)
      activesupport (>= 3.0)
      railties (>= 3.0)
      rspec-core (~> 2.12.0)
      rspec-expectations (~> 2.12.0)
      rspec-mocks (~> 2.12.0)
    ruby-graphviz (1.0.8)
    ruby_parser (3.1.1)
      sexp_processor (~> 4.1)
    rubypython (0.6.3)
      blankslate (>= 2.1.2.3)
      ffi (>= 1.0.7)
    rubyzip (0.9.9)
    sass (3.2.5)
    sass-rails (3.2.6)
      railties (~> 3.2.0)
      sass (>= 3.1.10)
      tilt (~> 1.3)
    selenium-webdriver (2.27.2)
      childprocess (>= 0.2.5)
      libwebsocket (~> 0.1.3)
      multi_json (~> 1.0)
      rubyzip
    sexp_processor (4.1.3)
    shoulda-matchers (1.4.2)
      activesupport (>= 3.0.0)
      bourne (~> 1.1.2)
    simple_form (2.0.4)
      actionpack (~> 3.0)
      activemodel (~> 3.0)
    simplecov (0.7.1)
      multi_json (~> 1.0)
      simplecov-html (~> 0.7.1)
    simplecov-html (0.7.1)
    simplecov-rcov (0.2.3)
      simplecov (>= 0.4.1)
    sinatra (1.3.3)
      rack (~> 1.3, >= 1.3.6)
      rack-protection (~> 1.2)
      tilt (~> 1.3, >= 1.3.3)
    spork (1.0.0rc3)
    spork-rails (3.2.1)
      rails (>= 3.0.0, < 3.3.0)
      spork (>= 1.0rc0)
    sprockets (2.2.2)
      hike (~> 1.2)
      multi_json (~> 1.0)
      rack (~> 1.0)
      tilt (~> 1.1, != 1.3.0)
    therubyracer (0.10.2)
      libv8 (~> 3.3.10)
    thin (1.5.0)
      daemons (>= 1.0.9)
      eventmachine (>= 0.12.6)
      rack (>= 1.0.0)
    thor (0.16.0)
    tilt (1.3.3)
    treetop (1.4.12)
      polyglot
      polyglot (>= 0.3.1)
    trollop (2.0)
    twitter-bootstrap-rails (2.2.0)
      actionpack (>= 3.1)
      execjs
      railties (>= 3.1)
    tzinfo (0.3.35)
    uglifier (1.3.0)
      execjs (>= 0.3.0)
      multi_json (~> 1.0, >= 1.0.2)
    uuidtools (2.1.3)
    vegas (0.1.11)
      rack (>= 1.0.0)
    virtus (0.5.4)
      backports (~> 2.6.1)
      descendants_tracker (~> 0.0.1)
    warden (1.2.1)
      rack (>= 1.0)
    websocket (1.0.6)
    will_paginate (3.0.4)
    xpath (1.0.0)
      nokogiri (~> 1.3)
    yajl-ruby (0.8.3)

PLATFORMS
  ruby

DEPENDENCIES
  annotate (>= 2.5.0)
  aws-sdk
  axlsx
  better_states_select
  bootstrap-will_paginate
  cancan
  capybara
  client_side_validations
  client_side_validations-simple_form
  cloudfoundry-devise
  cloudfoundry-jquery-rails
  coderay
  coffee-rails (~> 3.2.1)
  database_cleaner (>= 0.8.0)
  devise (>= 2.0.0)
  execjs
  factory_girl_rails (>= 4.1.0)
  faker
  fastercsv
  grape
  grape-rabl
  grape_doc
  haml
  haml-rails
  hpricot (>= 0.8.5)
  json
  kramdown (~> 0.13.2)
  meta_search
  mime-types (~> 1.16)
  mobile-fu
  mongodb_logger!
  moped
  nanoc (~> 3.4.3)
  newrelic_rpm
  nokogiri
  oauth-plugin (>= 0.4.0.rc2)
  paperclip
  pg
  pygments.rb
  rails (= 3.2.11)
  rails-erd
  rails_admin
  remotipart (~> 1.0)
  rmagick
  rspec-rails (>= 2.11.0)
  ruby_parser (>= 2.3.1)
  sass-rails (~> 3.2.3)
  shoulda-matchers
  simple_form
  simplecov
  simplecov-rcov
  spork-rails (~> 3.2.1)
  therubyracer
  thin
  twitter-bootstrap-rails
  uglifier (>= 1.0.3)
  yajl-ruby (~> 0.8.2)
